GEM
  remote: https://rubygems.org/
  specs:
    rack (2.2.4)
    webrick (1.7.0)

PLATFORMS
  aarch64-linux

DEPENDENCIES
  rack (~> 2.2.4)
  webrick

BUNDLED WITH
   2.3.7
