GEM
  remote: https://rubygems.org/
  specs:
    ansi (1.5.0)
    bcrypt (3.1.18)
    builder (3.2.4)
    docile (1.4.0)
    erubis (2.7.0)
    minitest (5.16.3)
    minitest-reporters (1.5.0)
      ansi
      builder
      minitest (>= 5.0)
      ruby-progressbar
    multi_json (1.15.0)
    mustermann (3.0.0)
      ruby2_keywords (~> 0.0.1)
    nio4r (2.5.8)
    puma (6.0.0)
      nio4r (~> 2.0)
    rack (2.2.4)
    rack-protection (3.0.4)
      rack
    rack-test (2.0.2)
      rack (>= 1.3)
    rake (13.0.6)
    redcarpet (3.5.1)
    ruby-progressbar (1.11.0)
    ruby2_keywords (0.0.5)
    simplecov (0.21.2)
      docile (~> 1.1)
      simplecov-html (~> 0.11)
      simplecov_json_formatter (~> 0.1)
    simplecov-html (0.12.3)
    simplecov_json_formatter (0.1.4)
    sinatra (3.0.4)
      mustermann (~> 3.0)
      rack (~> 2.2, >= 2.2.4)
      rack-protection (= 3.0.4)
      tilt (~> 2.0)
    sinatra-contrib (3.0.4)
      multi_json
      mustermann (~> 3.0)
      rack-protection (= 3.0.4)
      sinatra (= 3.0.4)
      tilt (~> 2.0)
    tilt (2.0.11)

PLATFORMS
  aarch64-linux

DEPENDENCIES
  bcrypt (~> 3.1, >= 3.1.12)
  erubis
  minitest (~> 5.16)
  minitest-reporters (~> 1.5)
  puma
  rack-test
  rake (~> 13.0)
  redcarpet (~> 3.5, >= 3.5.1)
  simplecov
  sinatra (~> 3.0, >= 3.0.3)
  sinatra-contrib

RUBY VERSION
   ruby 3.1.3p185

BUNDLED WITH
   2.3.26
